GIT
  remote: git@github.com:gregolsen/ruby-yui-compressor.git
  revision: 8c95c40917a445cd00b58abd9f82e4d73437066b
  specs:
    yui-compressor (0.9.6)
      POpen4 (>= 0.1.4)

GEM
  remote: http://rubygems.org/
  specs:
    POpen4 (0.1.4)
      Platform (>= 0.4.0)
      open4
    Platform (0.4.0)
    open4 (1.1.0)
    rspec (1.3.1)

PLATFORMS
  ruby

DEPENDENCIES
  rspec (= 1.3.1)
  yui-compressor!
