GEM
  remote: http://rubygems.org/
  specs:
    rspec (1.3.1)
    yui-compressor (0.9.4)

PLATFORMS
  ruby

DEPENDENCIES
  rspec (= 1.3.1)
  yui-compressor (~> 0.9.4)
