GEM
  remote: http://rubygems.org/
  specs:
    rspec (1.3.1)
    web_resource_bundler (0.0.1)

PLATFORMS
  ruby

DEPENDENCIES
  rspec (= 1.3.1)
  web_resource_bundler
